PATH
  remote: .
  specs:
    everyday-cli-utils (1.8.7.1)

GEM
  remote: https://rubygems.org/
  specs:
    codeclimate-test-reporter (0.6.0)
      simplecov (>= 0.7.1, < 1.0.0)
    diff-lcs (1.3)
    docile (1.1.5)
    json (2.0.3)
    rake (10.5.0)
    rspec (3.5.0)
      rspec-core (~> 3.5.0)
      rspec-expectations (~> 3.5.0)
      rspec-mocks (~> 3.5.0)
    rspec-core (3.5.4)
      rspec-support (~> 3.5.0)
    rspec-expectations (3.5.0)
      diff-lcs (>= 1.2.0, < 2.0)
      rspec-support (~> 3.5.0)
    rspec-mocks (3.5.0)
      diff-lcs (>= 1.2.0, < 2.0)
      rspec-support (~> 3.5.0)
    rspec-support (3.5.0)
    simplecov (0.13.0)
      docile (~> 1.1.0)
      json (>= 1.8, < 3)
      simplecov-html (~> 0.10.0)
    simplecov-html (0.10.0)

PLATFORMS
  ruby

DEPENDENCIES
  bundler (~> 1.10)
  codeclimate-test-reporter (~> 0.4, >= 0.4.7)
  everyday-cli-utils!
  rake (~> 10.4)
  rspec (~> 3.3)

BUNDLED WITH
   1.14.3
